PATH
  remote: .
  specs:
    jekyll-theme-blackdoc (2.0.1)
      jekyll (~> 3.7)
      jekyll-feed (~> 0.6)
      jekyll-gist (~> 1.5)
      jekyll-paginate (~> 1.1)

GEM
  remote: https://rubygems.org/
  specs:
    addressable (2.5.2)
      public_suffix (>= 2.0.2, < 4.0)
    colorator (1.1.0)
    concurrent-ruby (1.1.8)
    em-websocket (0.5.2)
      eventmachine (>= 0.12.9)
      http_parser.rb (~> 0.6.0)
    eventmachine (1.2.7)
    faraday (0.14.0)
      multipart-post (>= 1.2, < 3)
    ffi (1.15.0)
    forwardable-extended (2.6.0)
    http_parser.rb (0.6.0)
    i18n (0.9.5)
      concurrent-ruby (~> 1.0)
    jekyll (3.9.0)
      addressable (~> 2.4)
      colorator (~> 1.0)
      em-websocket (~> 0.5)
      i18n (~> 0.7)
      jekyll-sass-converter (~> 1.0)
      jekyll-watch (~> 2.0)
      kramdown (>= 1.17, < 3)
      liquid (~> 4.0)
      mercenary (~> 0.3.3)
      pathutil (~> 0.9)
      rouge (>= 1.7, < 4)
      safe_yaml (~> 1.0)
    jekyll-feed (0.9.3)
      jekyll (~> 3.3)
    jekyll-gist (1.5.0)
      octokit (~> 4.2)
    jekyll-paginate (1.1.0)
    jekyll-sass-converter (1.5.2)
      sass (~> 3.4)
    jekyll-watch (2.2.1)
      listen (~> 3.0)
    kramdown (2.3.1)
      rexml
    liquid (4.0.3)
    listen (3.5.0)
      rb-fsevent (~> 0.10, >= 0.10.3)
      rb-inotify (~> 0.9, >= 0.9.10)
    mercenary (0.3.6)
    multipart-post (2.0.0)
    octokit (4.8.0)
      sawyer (~> 0.8.0, >= 0.5.3)
    pathutil (0.16.2)
      forwardable-extended (~> 2.6)
    public_suffix (3.1.1)
    rb-fsevent (0.10.4)
    rb-inotify (0.10.1)
      ffi (~> 1.0)
    rexml (3.2.4)
    rouge (3.26.0)
    safe_yaml (1.0.5)
    sass (3.7.4)
      sass-listen (~> 4.0.0)
    sass-listen (4.0.0)
      rb-fsevent (~> 0.9, >= 0.9.4)
      rb-inotify (~> 0.9, >= 0.9.7)
    sawyer (0.8.1)
      addressable (>= 2.3.5, < 2.6)
      faraday (~> 0.8, < 1.0)

PLATFORMS
  ruby

DEPENDENCIES
  bundler (~> 1.12)
  jekyll-theme-blackdoc!

BUNDLED WITH
   1.16.1
